PATH
  remote: .
  specs:
    lite-report (1.0.4)
      activerecord
      activerecord-import
      deep_pluck

GEM
  remote: https://rubygems.org/
  specs:
    actionpack (6.0.3.2)
      actionview (= 6.0.3.2)
      activesupport (= 6.0.3.2)
      rack (~> 2.0, >= 2.0.8)
      rack-test (>= 0.6.3)
      rails-dom-testing (~> 2.0)
      rails-html-sanitizer (~> 1.0, >= 1.2.0)
    actionview (6.0.3.2)
      activesupport (= 6.0.3.2)
      builder (~> 3.1)
      erubi (~> 1.4)
      rails-dom-testing (~> 2.0)
      rails-html-sanitizer (~> 1.1, >= 1.2.0)
    activemodel (6.0.3.2)
      activesupport (= 6.0.3.2)
    activerecord (6.0.3.2)
      activemodel (= 6.0.3.2)
      activesupport (= 6.0.3.2)
    activerecord-import (1.0.5)
      activerecord (>= 3.2)
    activesupport (6.0.3.2)
      concurrent-ruby (~> 1.0, >= 1.0.2)
      i18n (>= 0.7, < 2)
      minitest (~> 5.1)
      tzinfo (~> 1.1)
      zeitwerk (~> 2.2, >= 2.2.2)
    ast (2.4.0)
    builder (3.2.4)
    colorize (0.8.1)
    concurrent-ruby (1.1.6)
    crass (1.0.6)
    database_cleaner (1.8.5)
    deep_pluck (1.1.4)
      activerecord (>= 3)
      pluck_all (>= 1.2.3)
      rails_compatibility (>= 0.0.1)
    diff-lcs (1.3)
    erubi (1.9.0)
    fasterer (0.8.3)
      colorize (~> 0.7)
      ruby_parser (>= 3.14.1)
    generator_spec (0.9.4)
      activesupport (>= 3.0.0)
      railties (>= 3.0.0)
    i18n (1.8.3)
      concurrent-ruby (~> 1.0)
    loofah (2.6.0)
      crass (~> 1.0.2)
      nokogiri (>= 1.5.9)
    method_source (1.0.0)
    mini_portile2 (2.4.0)
    minitest (5.14.1)
    nokogiri (1.10.9)
      mini_portile2 (~> 2.4.0)
    parallel (1.19.1)
    parser (2.7.1.2)
      ast (~> 2.4.0)
    pluck_all (2.0.4)
      activesupport (>= 3.0.0)
    polyamorous (2.3.2)
      activerecord (>= 5.2.1)
    rack (2.2.3)
    rack-test (1.1.0)
      rack (>= 1.0, < 3)
    rails-dom-testing (2.0.3)
      activesupport (>= 4.2.0)
      nokogiri (>= 1.6)
    rails-html-sanitizer (1.3.0)
      loofah (~> 2.3)
    rails_compatibility (0.0.2)
      activerecord (>= 3)
    railties (6.0.3.2)
      actionpack (= 6.0.3.2)
      activesupport (= 6.0.3.2)
      method_source
      rake (>= 0.8.7)
      thor (>= 0.20.3, < 2.0)
    rainbow (3.0.0)
    rake (13.0.1)
    ransack (2.3.2)
      activerecord (>= 5.2.1)
      activesupport (>= 5.2.1)
      i18n
      polyamorous (= 2.3.2)
    rexml (3.2.4)
    rspec (3.9.0)
      rspec-core (~> 3.9.0)
      rspec-expectations (~> 3.9.0)
      rspec-mocks (~> 3.9.0)
    rspec-core (3.9.2)
      rspec-support (~> 3.9.3)
    rspec-expectations (3.9.2)
      diff-lcs (>= 1.2.0, < 2.0)
      rspec-support (~> 3.9.0)
    rspec-mocks (3.9.1)
      diff-lcs (>= 1.2.0, < 2.0)
      rspec-support (~> 3.9.0)
    rspec-rails (4.0.1)
      actionpack (>= 4.2)
      activesupport (>= 4.2)
      railties (>= 4.2)
      rspec-core (~> 3.9)
      rspec-expectations (~> 3.9)
      rspec-mocks (~> 3.9)
      rspec-support (~> 3.9)
    rspec-support (3.9.3)
    rubocop (0.83.0)
      parallel (~> 1.10)
      parser (>= 2.7.0.1)
      rainbow (>= 2.2.2, < 4.0)
      rexml
      ruby-progressbar (~> 1.7)
      unicode-display_width (>= 1.4.0, < 2.0)
    rubocop-performance (1.5.2)
      rubocop (>= 0.71.0)
    rubocop-rspec (1.39.0)
      rubocop (>= 0.68.1)
    ruby-progressbar (1.10.1)
    ruby_parser (3.14.2)
      sexp_processor (~> 4.9)
    sexp_processor (4.14.1)
    sqlite3 (1.4.2)
    thor (1.0.1)
    thread_safe (0.3.6)
    tzinfo (1.2.7)
      thread_safe (~> 0.1)
    unicode-display_width (1.7.0)
    zeitwerk (2.3.0)

PLATFORMS
  ruby

DEPENDENCIES
  bundler
  database_cleaner
  fasterer
  generator_spec
  lite-report!
  rake
  ransack
  rspec
  rspec-rails
  rubocop
  rubocop-performance
  rubocop-rspec
  sqlite3

BUNDLED WITH
   2.1.4
